GEM
  remote: https://rubygems.org/
  specs:
    amq-protocol (2.3.2)
    ansi (1.5.0)
    builder (3.2.4)
    bunny (2.22.0)
      amq-protocol (~> 2.3, >= 2.3.1)
      sorted_set (~> 1, >= 1.0.2)
    connection_pool (2.4.1)
    dalli (3.2.8)
    minitest (5.22.2)
    minitest-reporters (1.6.1)
      ansi
      builder
      minitest (>= 5.0)
      ruby-progressbar
    mysql2 (0.5.6)
    pg (1.5.5)
    rake (13.1.0)
    rbtree (0.4.6)
    redis (5.1.0)
      redis-client (>= 0.17.0)
    redis-client (0.20.0)
      connection_pool
    ruby-progressbar (1.13.0)
    set (1.1.0)
    sorted_set (1.0.3)
      rbtree
      set (~> 1.0)

PLATFORMS
  x86_64-darwin-23
  x86_64-linux

DEPENDENCIES
  bunny
  dalli
  minitest-reporters
  mysql2
  pg
  rake
  redis

BUNDLED WITH
   2.4.19
